GEM
  remote: https://rubygems.org/
  remote: https://enterprise.contribsys.com/
  specs:
    algorithms (0.6.1)
    concurrent-ruby (1.0.5)
    connection_pool (2.2.1)
    rack (2.0.1)
    rack-protection (1.5.3)
      rack
    redis (3.3.3)
    redis-namespace (1.5.3)
      redis (~> 3.0, >= 3.0.4)
    sidekiq (4.2.9)
      concurrent-ruby (~> 1.0)
      connection_pool (~> 2.2, >= 2.2.0)
      rack-protection (>= 1.5.0)
      redis (~> 3.2, >= 3.2.1)
    sidekiq-ent (1.5.2)
      algorithms
      sidekiq (>= 4.2.9)
      sidekiq-pro (>= 3.4.1)
    sidekiq-limit_fetch (3.4.0)
      sidekiq (>= 4)
    sidekiq-pro (3.4.5)
      sidekiq (>= 4.1.5)
    sidekiq-statistic (1.2.0)
      sidekiq (>= 3.3.4, < 5)
    statsd-ruby (1.3.0)
    tilt (2.0.6)

PLATFORMS
  ruby

DEPENDENCIES
  algorithms
  redis-namespace
  sidekiq
  sidekiq-ent!
  sidekiq-limit_fetch
  sidekiq-statistic
  statsd-ruby
  tilt

BUNDLED WITH
   1.14.6
