GEM
  remote: https://rubygems.org/
  specs:
    actionpack (4.2.6)
      actionview (= 4.2.6)
      activesupport (= 4.2.6)
      rack (~> 1.6)
      rack-test (~> 0.6.2)
      rails-dom-testing (~> 1.0, >= 1.0.5)
      rails-html-sanitizer (~> 1.0, >= 1.0.2)
    actionview (4.2.6)
      activesupport (= 4.2.6)
      builder (~> 3.1)
      erubis (~> 2.7.0)
      rails-dom-testing (~> 1.0, >= 1.0.5)
      rails-html-sanitizer (~> 1.0, >= 1.0.2)
    activesupport (4.2.6)
      i18n (~> 0.7)
      json (~> 1.7, >= 1.7.7)
      minitest (~> 5.1)
      thread_safe (~> 0.3, >= 0.3.4)
      tzinfo (~> 1.1)
    builder (3.2.2)
    concurrent-ruby (1.0.2)
    connection_pool (2.2.0)
    erubis (2.7.0)
    i18n (0.7.0)
    jquery-datatables-rails (3.4.0)
      actionpack (>= 3.1)
      jquery-rails
      railties (>= 3.1)
      sass-rails
    jquery-rails (4.1.1)
      rails-dom-testing (>= 1, < 3)
      railties (>= 4.2.0)
      thor (>= 0.14, < 2.0)
    json (1.8.3)
    loofah (2.0.3)
      nokogiri (>= 1.5.9)
    mini_portile2 (2.0.0)
    minitest (5.8.4)
    nokogiri (1.6.7.2)
      mini_portile2 (~> 2.0.0.rc2)
    rack (1.6.4)
    rack-protection (1.5.3)
      rack
    rack-test (0.6.3)
      rack (>= 1.0)
    rails-datatables (0.0.2)
    rails-deprecated_sanitizer (1.0.3)
      activesupport (>= 4.2.0.alpha)
    rails-dom-testing (1.0.7)
      activesupport (>= 4.2.0.beta, < 5.0)
      nokogiri (~> 1.6.0)
      rails-deprecated_sanitizer (>= 1.0.1)
    rails-html-sanitizer (1.0.3)
      loofah (~> 2.0)
    railties (4.2.6)
      actionpack (= 4.2.6)
      activesupport (= 4.2.6)
      rake (>= 0.8.7)
      thor (>= 0.18.1, < 2.0)
    rake (11.1.2)
    redis (3.3.0)
    redis-namespace (1.5.2)
      redis (~> 3.0, >= 3.0.4)
    rufus-scheduler (3.2.1)
    sass (3.4.22)
    sass-rails (5.0.4)
      railties (>= 4.0.0, < 5.0)
      sass (~> 3.1)
      sprockets (>= 2.8, < 4.0)
      sprockets-rails (>= 2.0, < 4.0)
      tilt (>= 1.1, < 3)
    sidekiq (4.1.2)
      concurrent-ruby (~> 1.0)
      connection_pool (~> 2.2, >= 2.2.0)
      redis (~> 3.2, >= 3.2.1)
    sidekiq-cron (0.4.2)
      redis-namespace (>= 1.5.2)
      rufus-scheduler (>= 2.0.24)
      sidekiq (>= 4.0.0)
    sidekiq-limit_fetch (3.1.0)
      sidekiq (>= 4)
    sidekiq_monitor (0.1.7)
      jquery-datatables-rails (>= 2.1.10.0.2)
      rails-datatables
      sidekiq (>= 2.2.1)
      slim
    sinatra (1.4.7)
      rack (~> 1.5)
      rack-protection (~> 1.4)
      tilt (>= 1.3, < 3)
    slim (3.0.6)
      temple (~> 0.7.3)
      tilt (>= 1.3.3, < 2.1)
    sprockets (3.6.0)
      concurrent-ruby (~> 1.0)
      rack (> 1, < 3)
    sprockets-rails (3.0.4)
      actionpack (>= 4.0)
      activesupport (>= 4.0)
      sprockets (>= 3.0.0)
    temple (0.7.6)
    thor (0.19.1)
    thread_safe (0.3.5)
    tilt (2.0.2)
    tzinfo (1.2.2)
      thread_safe (~> 0.1)

PLATFORMS
  ruby

DEPENDENCIES
  redis
  sidekiq
  sidekiq-cron
  sidekiq-limit_fetch
  sidekiq_monitor
  sinatra

BUNDLED WITH
   1.12.3
